GEM
  remote: https://rubygems.org/
  specs:
    awesome_print (1.6.1)
    axiom-types (0.1.1)
      descendants_tracker (~> 0.0.4)
      ice_nine (~> 0.11.0)
      thread_safe (~> 0.3, >= 0.3.1)
    coderay (1.1.0)
    coercible (1.0.0)
      descendants_tracker (~> 0.0.1)
    descendants_tracker (0.0.4)
      thread_safe (~> 0.3, >= 0.3.1)
    equalizer (0.0.11)
    ffi (1.9.8-java)
    ice_nine (0.11.1)
    jar-dependencies (0.1.10)
    jbundler (0.7.3)
      bundler (~> 1.5)
      jar-dependencies (~> 0.1.8)
      maven-tools (~> 1.0.6)
      ruby-maven (>= 3.1.1.0.6, < 3.1.2)
    maven-tools (1.0.8)
      virtus (~> 1.0)
    method_source (0.8.2)
    pry (0.10.1-java)
      coderay (~> 1.1.0)
      method_source (~> 0.8.1)
      slop (~> 3.4)
      spoon (~> 0.0)
    ruby-maven (3.1.1.0.11)
      maven-tools (~> 1.0.8)
      ruby-maven-libs (= 3.1.1)
    ruby-maven-libs (3.1.1)
    slop (3.6.0)
    spoon (0.0.4)
      ffi
    thread_safe (0.3.5-java)
    virtus (1.0.5)
      axiom-types (~> 0.1)
      coercible (~> 1.0)
      descendants_tracker (~> 0.0, >= 0.0.3)
      equalizer (~> 0.0, >= 0.0.9)

PLATFORMS
  java

DEPENDENCIES
  awesome_print
  jbundler
  pry
