GEM
  remote: https://rubygems.org/
  specs:
    activemodel (3.2.21)
      activesupport (= 3.2.21)
      builder (~> 3.0.0)
    activerecord (3.2.21)
      activemodel (= 3.2.21)
      activesupport (= 3.2.21)
      arel (~> 3.0.2)
      tzinfo (~> 0.3.29)
    activerecord-jdbc-adapter (1.3.15)
      activerecord (>= 2.2)
    activesupport (3.2.21)
      i18n (~> 0.6, >= 0.6.4)
      multi_json (~> 1.0)
    arel (3.0.3)
    awesome_print (1.6.1)
    axiom-types (0.1.1)
      descendants_tracker (~> 0.0.4)
      ice_nine (~> 0.11.0)
      thread_safe (~> 0.3, >= 0.3.1)
    builder (3.0.4)
    coderay (1.1.0)
    coercible (1.0.0)
      descendants_tracker (~> 0.0.1)
    descendants_tracker (0.0.4)
      thread_safe (~> 0.3, >= 0.3.1)
    equalizer (0.0.11)
    ffi (1.9.8-java)
    i18n (0.7.0)
    ice_nine (0.11.1)
    jar-dependencies (0.1.10)
    jbundler (0.7.3)
      bundler (~> 1.5)
      jar-dependencies (~> 0.1.8)
      maven-tools (~> 1.0.6)
      ruby-maven (>= 3.1.1.0.6, < 3.1.2)
    maven-tools (1.0.8)
      virtus (~> 1.0)
    method_source (0.8.2)
    multi_json (1.11.0)
    pry (0.10.1-java)
      coderay (~> 1.1.0)
      method_source (~> 0.8.1)
      slop (~> 3.4)
      spoon (~> 0.0)
    rack (1.6.0)
    rack-protection (1.5.3)
      rack
    rake (10.4.2)
    ruby-maven (3.1.1.0.11)
      maven-tools (~> 1.0.8)
      ruby-maven-libs (= 3.1.1)
    ruby-maven-libs (3.1.1)
    sinatra (1.4.6)
      rack (~> 1.4)
      rack-protection (~> 1.4)
      tilt (>= 1.3, < 3)
    sinatra-activerecord (2.0.6)
      activerecord (>= 3.2)
      sinatra (~> 1.0)
    slop (3.6.0)
    spoon (0.0.4)
      ffi
    thread_safe (0.3.5-java)
    tilt (2.0.1)
    tzinfo (0.3.43)
    virtus (1.0.5)
      axiom-types (~> 0.1)
      coercible (~> 1.0)
      descendants_tracker (~> 0.0, >= 0.0.3)
      equalizer (~> 0.0, >= 0.0.9)

PLATFORMS
  java

DEPENDENCIES
  activerecord (~> 3.2.0)
  activerecord-jdbc-adapter
  awesome_print
  jbundler
  pry
  rake
  sinatra (~> 1.4.6)
  sinatra-activerecord
